GEM
  remote: https://rubygems.org/
  specs:
    breakpoint (2.5.0)
      sass (~> 3.3)
      sassy-maps (< 1.0.0)
    chunky_png (1.3.4)
    compass (1.0.3)
      chunky_png (~> 1.2)
      compass-core (~> 1.0.2)
      compass-import-once (~> 1.0.5)
      rb-fsevent (>= 0.9.3)
      rb-inotify (>= 0.9)
      sass (>= 3.3.13, < 3.5)
    compass-core (1.0.3)
      multi_json (~> 1.0)
      sass (>= 3.3.0, < 3.5)
    compass-import-once (1.0.5)
      sass (>= 3.2, < 3.5)
    compass-normalize (1.4.3)
      compass (>= 0.12.0)
    ffi (1.9.8)
    modular-scale (2.0.6)
      compass (>= 0.12.0)
    multi_json (1.11.1)
    rb-fsevent (0.9.5)
    rb-inotify (0.9.5)
      ffi (>= 0.5.0)
    sass (3.4.15)
    sassy-maps (0.4.0)
      sass (~> 3.3)
    singularity-extras (1.0.0)
      modular-scale (~> 2.0)
      singularitygs (~> 1.2)
    singularitygs (1.6.2)
      breakpoint (~> 2.4)
      sass (~> 3.3)
    terminal-notifier (1.6.2)
    toolkit (2.9.0)
      sass (~> 3.3)

PLATFORMS
  ruby

DEPENDENCIES
  breakpoint (~> 2.5.x)
  compass (~> 1.0.1)
  compass-normalize (~> 1.4.3)
  sass (~> 3.4.15)
  singularity-extras (~> 1.0.0.alpha.3)
  singularitygs (~> 1.3)
  terminal-notifier
  toolkit (~> 2.6)

BUNDLED WITH
   1.10.6
